GEM
  remote: https://rubygems.org/
  specs:
    RedCloth (4.2.9)
    classifier (1.3.3)
      fast-stemmer (>= 1.0.0)
    coderay (1.0.9)
    coffee-script (2.2.0)
      coffee-script-source
      execjs
    coffee-script-source (1.6.3)
    colorator (0.1)
    commander (4.1.5)
      highline (~> 1.6.11)
    cssmin (1.0.3)
    directory_watcher (1.4.1)
    dotenv (0.9.0)
    execjs (2.0.2)
    fast-stemmer (1.0.2)
    ffi (1.9.0)
    foreman (0.63.0)
      dotenv (>= 0.7)
      thor (>= 0.13.6)
    formatador (0.2.4)
    guard (1.8.3)
      formatador (>= 0.2.4)
      listen (~> 1.3)
      lumberjack (>= 1.0.2)
      pry (>= 0.9.10)
      thor (>= 0.14.6)
    guard-coffeescript (1.3.4)
      coffee-script (>= 2.2.0)
      guard (>= 1.1.0)
    guard-copy (0.0.8)
      guard (~> 1.1)
    guard-jammit (1.0.1)
      guard (>= 1.1.0)
      jammit
    guard-sass (1.3.2)
      guard (>= 1.1.0)
      sass (>= 3.1)
    highline (1.6.19)
    jammit (0.6.6)
      cssmin (>= 1.0.3)
      jsmin (>= 1.0.1)
    jekyll (1.2.1)
      classifier (~> 1.3)
      colorator (~> 0.1)
      commander (~> 4.1.3)
      directory_watcher (~> 1.4.1)
      liquid (~> 2.5.2)
      maruku (~> 0.5)
      pygments.rb (~> 0.5.0)
      redcarpet (~> 2.3.0)
      safe_yaml (~> 0.7.0)
    jsmin (1.0.1)
    liquid (2.5.2)
    listen (1.3.1)
      rb-fsevent (>= 0.9.3)
      rb-inotify (>= 0.9)
      rb-kqueue (>= 0.2)
    lumberjack (1.0.4)
    maruku (0.7.0)
    method_source (0.8.2)
    posix-spawn (0.3.6)
    pry (0.9.12.2)
      coderay (~> 1.0.5)
      method_source (~> 0.8)
      slop (~> 3.4)
    pygments.rb (0.5.2)
      posix-spawn (~> 0.3.6)
      yajl-ruby (~> 1.1.0)
    rb-fsevent (0.9.3)
    rb-inotify (0.9.2)
      ffi (>= 0.5.0)
    rb-kqueue (0.2.0)
      ffi (>= 0.5.0)
    redcarpet (2.3.0)
    safe_yaml (0.7.1)
    sass (3.2.11)
    slop (3.4.6)
    thor (0.18.1)
    yajl-ruby (1.1.0)

PLATFORMS
  ruby

DEPENDENCIES
  RedCloth
  foreman
  guard
  guard-coffeescript
  guard-copy
  guard-jammit
  guard-sass
  jekyll
